GEM
  remote: http://rubygems.org/
  specs:
    bourbon (1.3.6)
      sass (>= 3.1)
    rake (0.9.2.2)
    sass (3.1.15)

PLATFORMS
  ruby

DEPENDENCIES
  bourbon (~> 1.3.6)
  rake
  sass (= 3.1.15)
