GEM
  remote: http://rubygems.org/
  specs:
    bourbon (1.3.6)
      sass (>= 3.1)
    ffi (1.0.11)
    guard (1.0.3)
      ffi (>= 0.5.0)
      thor (>= 0.14.6)
    guard-rake (0.0.5)
      guard
      rake
    libnotify (0.7.2)
    rake (0.9.2.2)
    ruby_gntp (0.3.4)
    sass (3.1.15)
    thor (0.15.2)

PLATFORMS
  ruby

DEPENDENCIES
  bourbon (~> 1.3.6)
  guard (~> 1.0.3)
  guard-rake (= 0.0.5)
  libnotify (~> 0.7.2)
  ruby_gntp (~> 0.3.4)
  sass (= 3.1.15)
